NUGET
  remote: https://www.nuget.org/api/v2
  specs:
    Newtonsoft.Json (7.0.1)
